GEM
  remote: https://rubygems.org/
  specs:
    curses (1.4.4)
    minitest (5.19.0)
    mocha (2.1.0)
      ruby2_keywords (>= 0.0.5)
    ruby2_keywords (0.0.5)

PLATFORMS
  arm64-darwin-22

DEPENDENCIES
  curses
  minitest
  mocha

RUBY VERSION
   ruby 3.0.3p157

BUNDLED WITH
   2.2.32
